GEM
  remote: https://rubygems.org/
  specs:
    bulldoggy (0.0.6.alpha)
    rack (1.5.2)
    rack-protection (1.5.2)
      rack
    sinatra (1.4.4)
      rack (~> 1.4)
      rack-protection (~> 1.4)
      tilt (~> 1.3, >= 1.3.4)
    tilt (1.4.1)

PLATFORMS
  ruby

DEPENDENCIES
  bulldoggy (~> 0.0.1.alpha)
  sinatra
